PATH
  remote: .
  specs:
    puppet (3.5.0)
      facter (>= 1.7, < 3)
      hiera (~> 1.0)

GEM
  remote: https://rubygems.org/
  specs:
    activemodel (3.2.17)
      activesupport (= 3.2.17)
      builder (~> 3.0.0)
    activerecord (3.2.17)
      activemodel (= 3.2.17)
      activesupport (= 3.2.17)
      arel (~> 3.0.2)
      tzinfo (~> 0.3.29)
    activesupport (3.2.17)
      i18n (~> 0.6, >= 0.6.4)
      multi_json (~> 1.0)
    arel (3.0.3)
    builder (3.0.4)
    coderay (1.1.0)
    couchrest (1.2.0)
      mime-types (~> 1.15)
      multi_json (~> 1.0)
      rest-client (~> 1.6.1)
    diff-lcs (1.1.3)
    facter (1.7.5)
    hiera (1.3.2)
      json_pure
    i18n (0.6.9)
    json-schema (2.1.1)
    json_pure (1.8.1)
    metaclass (0.0.4)
    method_source (0.8.2)
    mime-types (1.25.1)
    mocha (0.10.5)
      metaclass (~> 0.0.1)
    msgpack (0.5.8)
    multi_json (1.7.7)
    net-ssh (2.8.0)
    pry (0.9.12.6)
      coderay (~> 1.0)
      method_source (~> 0.8)
      slop (~> 3.4)
    puppetlabs_spec_helper (0.4.1)
      mocha (>= 0.10.5)
      rake
      rspec (>= 2.9.0)
      rspec-puppet (>= 0.1.1)
    racc (1.4.9)
    rack (1.5.2)
    rake (10.1.1)
    redcarpet (2.3.0)
    rest-client (1.6.7)
      mime-types (>= 1.16)
    rgen (0.6.5)
    rspec (2.11.0)
      rspec-core (~> 2.11.0)
      rspec-expectations (~> 2.11.0)
      rspec-mocks (~> 2.11.0)
    rspec-core (2.11.1)
    rspec-expectations (2.11.3)
      diff-lcs (~> 1.1.3)
    rspec-mocks (2.11.3)
    rspec-puppet (1.0.1)
      rspec
    ruby-prof (0.14.2)
    slop (3.5.0)
    sqlite3 (1.3.9)
    stomp (1.3.2)
    tzinfo (0.3.39)
    yard (0.8.7.4)
    yarjuf (1.0.5)
      builder
      rspec (>= 2.0)

PLATFORMS
  ruby

DEPENDENCIES
  activerecord (~> 3.2)
  couchrest (~> 1.0)
  facter (> 1.6, < 3)
  ffi (= 1.9.0)
  hiera (~> 1.0)
  json-schema (= 2.1.1)
  minitar (~> 0.5.4)
  mocha (~> 0.10.5)
  msgpack
  multi_json (= 1.7.7)
  net-ssh (~> 2.1)
  pry
  puppet!
  puppetlabs_spec_helper
  racc (= 1.4.9)
  rack (~> 1.4)
  rake (= 10.1.1)
  redcarpet (~> 2.0)
  rgen (= 0.6.5)
  rspec (~> 2.11.0)
  ruby-prof
  sqlite3
  stomp
  sys-admin (= 1.5.6)
  tzinfo
  win32-api (= 1.4.8)
  win32-dir (~> 0.4.3)
  win32-eventlog (~> 0.5.3)
  win32-process (~> 0.6.5)
  win32-security (~> 0.1.4)
  win32-service (= 0.7.2)
  win32-taskscheduler (~> 0.2.2)
  win32console (= 1.3.2)
  windows-api (~> 0.4.2)
  windows-pr (~> 1.2.2)
  yard
  yarjuf (~> 1.0)
